GEM
  remote: http://rubygems.org/
  specs:
    autoprefixer-rails (6.5.3.1)
      execjs
    backports (3.6.8)
    coffee-script (2.4.1)
      coffee-script-source
      execjs
    coffee-script-source (1.11.1)
    concurrent-ruby (1.0.2)
    daemons (1.2.4)
    eventmachine (1.2.1)
    execjs (2.7.0)
    haml (3.1.3)
    hpricot (0.8.4)
    json (2.0.2)
    multi_json (1.12.1)
    oulu (0.12.24)
      rake
      thor (~> 0.19)
    r18n-core (2.1.4)
    rack (1.6.5)
    rack-flash3 (1.0.5)
      rack
    rack-protection (1.5.3)
      rack
    rack-test (0.6.3)
      rack (>= 1.0)
    rake (11.3.0)
    sass (3.4.22)
    sinatra (1.4.7)
      rack (~> 1.5)
      rack-protection (~> 1.4)
      tilt (>= 1.3, < 3)
    sinatra-asset-pipeline (1.0.2)
      coffee-script (~> 2.4)
      rake (~> 11.2)
      sass (~> 3.4)
      sinatra (~> 1.4)
      sprockets (~> 3.6)
      sprockets-helpers (~> 1.1)
    sinatra-contrib (1.4.7)
      backports (>= 2.0)
      multi_json
      rack-protection
      rack-test
      sinatra (~> 1.4.0)
      tilt (>= 1.3, < 3)
    sinatra-r18n (2.1.4)
      r18n-core (= 2.1.4)
      sinatra (>= 1.3)
    sprockets (3.7.0)
      concurrent-ruby (~> 1.0)
      rack (> 1, < 3)
    sprockets-helpers (1.2.1)
      sprockets (>= 2.2)
    thin (1.2.11)
      daemons (>= 1.0.9)
      eventmachine (>= 0.12.6)
      rack (>= 1.0.0)
    thor (0.19.4)
    tilt (2.0.5)
    uglifier (3.0.4)
      execjs (>= 0.3.0, < 3)

PLATFORMS
  ruby

DEPENDENCIES
  autoprefixer-rails
  eventmachine
  haml (= 3.1.3)
  hpricot (= 0.8.4)
  json
  oulu
  rack
  rack-flash3
  sinatra
  sinatra-asset-pipeline
  sinatra-contrib
  sinatra-r18n
  sprockets-helpers
  thin (= 1.2.11)
  uglifier

BUNDLED WITH
   1.13.6
